GEM
  remote: https://rubygems.org/
  specs:
    json (1.8.1)
    rack (1.5.2)
    rack-protection (1.5.1)
      rack
    rubytree (0.8.3)
      json (>= 1.7.5)
      structured_warnings (>= 0.1.3)
    sinatra (1.4.4)
      rack (~> 1.4)
      rack-protection (~> 1.4)
      tilt (~> 1.3, >= 1.3.4)
    sinatra-partial (0.4.0)
      sinatra
    structured_warnings (0.1.4)
    tilt (1.4.1)

PLATFORMS
  ruby

DEPENDENCIES
  rubytree (= 0.8.3)
  sinatra
  sinatra-partial
