GEM
  remote: https://rubygems.org/
  specs:
    haml (4.0.4)
      tilt
    json (1.8.1)
    rack (1.5.2)
    rack-protection (1.5.1)
      rack
    rubytree (0.8.3)
      json (>= 1.7.5)
      structured_warnings (>= 0.1.3)
    sinatra (1.4.4)
      rack (~> 1.4)
      rack-protection (~> 1.4)
      tilt (~> 1.3, >= 1.3.4)
    sinatra-partial (0.4.0)
      sinatra
    slim (2.0.2)
      temple (~> 0.6.6)
      tilt (>= 1.3.3, < 2.1)
    structured_warnings (0.1.4)
    temple (0.6.7)
    tilt (1.4.1)

PLATFORMS
  ruby

DEPENDENCIES
  haml
  rubytree (= 0.8.3)
  sinatra
  sinatra-partial
  slim
